PATH
  remote: .
  specs:
    operator (0.0.0)
      activesupport (~> 3.0.0)
      httparty
      json
      railties (~> 3.0.0)

GEM
  remote: http://rubygems.org/
  specs:
    abstract (1.0.0)
    actionpack (3.0.0.rc2)
      activemodel (= 3.0.0.rc2)
      activesupport (= 3.0.0.rc2)
      builder (~> 2.1.2)
      erubis (~> 2.6.6)
      i18n (~> 0.4.1)
      rack (~> 1.2.1)
      rack-mount (~> 0.6.12)
      rack-test (~> 0.5.4)
      tzinfo (~> 0.3.23)
    activemodel (3.0.0.rc2)
      activesupport (= 3.0.0.rc2)
      builder (~> 2.1.2)
      i18n (~> 0.4.1)
    activesupport (3.0.0.rc2)
    builder (2.1.2)
    crack (0.1.8)
    diff-lcs (1.1.2)
    erubis (2.6.6)
      abstract (>= 1.0.0)
    fakeweb (1.3.0)
    gemcutter (0.6.1)
    git (1.2.5)
    httparty (0.6.1)
      crack (= 0.1.8)
    i18n (0.4.1)
    jeweler (1.4.0)
      gemcutter (>= 0.1.0)
      git (>= 1.2.5)
      rubyforge (>= 2.0.0)
    json (1.4.6)
    json_pure (1.4.6)
    rack (1.2.1)
    rack-mount (0.6.12)
      rack (>= 1.0.0)
    rack-test (0.5.4)
      rack (>= 1.0)
    railties (3.0.0.rc2)
      actionpack (= 3.0.0.rc2)
      activesupport (= 3.0.0.rc2)
      rake (>= 0.8.3)
      thor (~> 0.14.0)
    rake (0.8.7)
    rspec (2.0.0.beta.20)
      rspec-core (= 2.0.0.beta.20)
      rspec-expectations (= 2.0.0.beta.20)
      rspec-mocks (= 2.0.0.beta.20)
    rspec-core (2.0.0.beta.20)
    rspec-expectations (2.0.0.beta.20)
      diff-lcs (>= 1.1.2)
    rspec-mocks (2.0.0.beta.20)
    rubyforge (2.0.4)
      json_pure (>= 1.1.7)
    thor (0.14.0)
    tzinfo (0.3.23)
    yard (0.5.8)

PLATFORMS
  ruby

DEPENDENCIES
  activesupport (~> 3.0.0)
  fakeweb
  httparty
  jeweler
  json
  operator!
  railties (~> 3.0.0)
  rake
  rspec (= 2.0.0.beta.20)
  yard
